PATH
  remote: .
  specs:
    metric_pulse (0.1.0)

GEM
  remote: https://rubygems.org/
  specs:
    amq-protocol (2.0.1)
    bunny (2.4.0)
      amq-protocol (>= 2.0.1)
    diff-lcs (1.2.5)
    honeybadger (2.6.0)
    newrelic_rpm (3.16.0.318)
    oj (2.17.1)
    rake (10.5.0)
    rspec (3.5.0)
      rspec-core (~> 3.5.0)
      rspec-expectations (~> 3.5.0)
      rspec-mocks (~> 3.5.0)
    rspec-core (3.5.1)
      rspec-support (~> 3.5.0)
    rspec-expectations (3.5.0)
      diff-lcs (>= 1.2.0, < 2.0)
      rspec-support (~> 3.5.0)
    rspec-mocks (3.5.0)
      diff-lcs (>= 1.2.0, < 2.0)
      rspec-support (~> 3.5.0)
    rspec-support (3.5.0)

PLATFORMS
  ruby

DEPENDENCIES
  bundler (~> 1.11)
  bunny (~> 2.4)
  honeybadger
  metric_pulse!
  newrelic_rpm
  oj (~> 2.14)
  rake (~> 10.0)
  rspec (~> 3.0)

BUNDLED WITH
   1.12.5
